GEM
  remote: https://rubygems.org/
  specs:
    ffi (1.9.8)
    ffi-rzmq (2.0.4)
      ffi-rzmq-core (>= 1.0.1)
    ffi-rzmq-core (1.0.5)
      ffi

PLATFORMS
  ruby

DEPENDENCIES
  ffi-rzmq

RUBY VERSION
   ruby 2.0.0p648

BUNDLED WITH
   1.12.4
